PATH
  remote: .
  specs:
    cute_print (1.3.0)
      ruby2ruby (~> 2.4)
      ruby_parser (~> 3.14)

GEM
  remote: http://rubygems.org/
  specs:
    backports (3.17.0)
    builder (3.2.4)
    cucumber (3.1.2)
      builder (>= 2.1.2)
      cucumber-core (~> 3.2.0)
      cucumber-expressions (~> 6.0.1)
      cucumber-wire (~> 0.0.1)
      diff-lcs (~> 1.3)
      gherkin (~> 5.1.0)
      multi_json (>= 1.7.5, < 2.0)
      multi_test (>= 0.1.2)
    cucumber-core (3.2.1)
      backports (>= 3.8.0)
      cucumber-tag_expressions (~> 1.1.0)
      gherkin (~> 5.0)
    cucumber-expressions (6.0.1)
    cucumber-tag_expressions (1.1.1)
    cucumber-wire (0.0.1)
    diff-lcs (1.3)
    gherkin (5.1.0)
    given_core (3.8.0)
      sorcerer (>= 0.3.7)
    io-console (0.5.6)
    irb (1.2.3)
      reline (>= 0.0.1)
    multi_json (1.14.1)
    multi_test (0.1.2)
    rake (13.0.1)
    redcarpet (3.5.0)
    reline (0.1.3)
      io-console (~> 0.5)
    rspec (3.9.0)
      rspec-core (~> 3.9.0)
      rspec-expectations (~> 3.9.0)
      rspec-mocks (~> 3.9.0)
    rspec-core (3.9.1)
      rspec-support (~> 3.9.1)
    rspec-expectations (3.9.1)
      diff-lcs (>= 1.2.0, < 2.0)
      rspec-support (~> 3.9.0)
    rspec-given (3.8.0)
      given_core (= 3.8.0)
      rspec (>= 2.14.0)
    rspec-mocks (3.9.1)
      diff-lcs (>= 1.2.0, < 2.0)
      rspec-support (~> 3.9.0)
    rspec-support (3.9.2)
    ruby2ruby (2.4.4)
      ruby_parser (~> 3.1)
      sexp_processor (~> 4.6)
    ruby_parser (3.14.2)
      sexp_processor (~> 4.9)
    sexp_processor (4.14.1)
    sorcerer (2.0.1)
    yard (0.9.24)

PLATFORMS
  ruby

DEPENDENCIES
  cucumber (~> 3.1)
  cute_print!
  irb (~> 1.2)
  rake (~> 13.0)
  redcarpet (~> 3.5)
  rspec (~> 3.9)
  rspec-given (~> 3.8)
  yard (~> 0.9.24)

BUNDLED WITH
   1.17.2
