PATH
  remote: .
  specs:
    cute_print (1.3.0)
      ruby2ruby (~> 2.1)
      ruby_parser (~> 3.6)

GEM
  remote: http://rubygems.org/
  specs:
    backports (3.11.1)
    builder (3.2.3)
    cucumber (3.1.0)
      builder (>= 2.1.2)
      cucumber-core (~> 3.1.0)
      cucumber-expressions (~> 5.0.4)
      cucumber-wire (~> 0.0.1)
      diff-lcs (~> 1.3)
      gherkin (~> 5.0)
      multi_json (>= 1.7.5, < 2.0)
      multi_test (>= 0.1.2)
    cucumber-core (3.1.0)
      backports (>= 3.8.0)
      cucumber-tag_expressions (~> 1.1.0)
      gherkin (>= 5.0.0)
    cucumber-expressions (5.0.13)
    cucumber-tag_expressions (1.1.1)
    cucumber-wire (0.0.1)
    diff-lcs (1.3)
    gherkin (5.0.0)
    given_core (3.8.0)
      sorcerer (>= 0.3.7)
    io-console (0.5.6)
    irb (1.2.3)
      reline (>= 0.0.1)
    multi_json (1.13.1)
    multi_test (0.1.2)
    rake (12.3.0)
    redcarpet (3.4.0)
    reline (0.1.3)
      io-console (~> 0.5)
    rspec (3.7.0)
      rspec-core (~> 3.7.0)
      rspec-expectations (~> 3.7.0)
      rspec-mocks (~> 3.7.0)
    rspec-core (3.7.1)
      rspec-support (~> 3.7.0)
    rspec-expectations (3.7.0)
      diff-lcs (>= 1.2.0, < 2.0)
      rspec-support (~> 3.7.0)
    rspec-given (3.8.0)
      given_core (= 3.8.0)
      rspec (>= 2.14.0)
    rspec-mocks (3.7.0)
      diff-lcs (>= 1.2.0, < 2.0)
      rspec-support (~> 3.7.0)
    rspec-support (3.7.1)
    ruby2ruby (2.4.1)
      ruby_parser (~> 3.1)
      sexp_processor (~> 4.6)
    ruby_parser (3.11.0)
      sexp_processor (~> 4.9)
    sexp_processor (4.10.1)
    sorcerer (1.0.2)
    yard (0.9.12)

PLATFORMS
  ruby

DEPENDENCIES
  cucumber (~> 3.0)
  cute_print!
  irb (~> 1.2)
  rake (~> 12.0)
  redcarpet (~> 3.2)
  rspec (~> 3.1)
  rspec-given (~> 3.5)
  yard (~> 0.9.9)

BUNDLED WITH
   1.17.2
