PATH
  remote: .
  specs:
    cute_print (1.2.0)
      ruby2ruby (~> 2.1)
      ruby_parser (~> 3.6)

GEM
  remote: http://rubygems.org/
  specs:
    builder (3.2.3)
    cucumber (2.4.0)
      builder (>= 2.1.2)
      cucumber-core (~> 1.5.0)
      cucumber-wire (~> 0.0.1)
      diff-lcs (>= 1.1.3)
      gherkin (~> 4.0)
      multi_json (>= 1.7.5, < 2.0)
      multi_test (>= 0.1.2)
    cucumber-core (1.5.0)
      gherkin (~> 4.0)
    cucumber-wire (0.0.1)
    diff-lcs (1.3)
    gherkin (4.1.3)
    given_core (3.8.0)
      sorcerer (>= 0.3.7)
    multi_json (1.12.1)
    multi_test (0.1.2)
    rake (12.0.0)
    redcarpet (3.4.0)
    rspec (3.6.0)
      rspec-core (~> 3.6.0)
      rspec-expectations (~> 3.6.0)
      rspec-mocks (~> 3.6.0)
    rspec-core (3.6.0)
      rspec-support (~> 3.6.0)
    rspec-expectations (3.6.0)
      diff-lcs (>= 1.2.0, < 2.0)
      rspec-support (~> 3.6.0)
    rspec-given (3.8.0)
      given_core (= 3.8.0)
      rspec (>= 2.14.0)
    rspec-mocks (3.6.0)
      diff-lcs (>= 1.2.0, < 2.0)
      rspec-support (~> 3.6.0)
    rspec-support (3.6.0)
    ruby2ruby (2.4.1)
      ruby_parser (~> 3.1)
      sexp_processor (~> 4.6)
    ruby_parser (3.11.0)
      sexp_processor (~> 4.9)
    sexp_processor (4.10.1)
    sorcerer (1.0.2)
    yard (0.9.9)

PLATFORMS
  ruby

DEPENDENCIES
  cucumber (~> 2.0)
  cute_print!
  rake (~> 12.0)
  redcarpet (~> 3.2)
  rspec (~> 3.1)
  rspec-given (~> 3.5)
  yard (~> 0.9.9)

BUNDLED WITH
   1.16.1
